GEM
  remote: http://rubygems.org/
  specs:
    activesupport (3.2.2)
      i18n (~> 0.6)
      multi_json (~> 1.0)
    attr_required (0.0.5)
    coderay (1.0.5)
    fb_graph (2.4.7)
      httpclient (>= 2.2.0.2)
      rack-oauth2 (>= 0.14.4)
      tzinfo
    flickraw (0.9.5)
    haml (3.1.4)
    httpclient (2.2.4)
    i18n (0.6.0)
    json (1.6.5)
    localize (0.2)
    metaclass (0.0.1)
    method_source (0.7.1)
    mini_magick (3.4)
      subexec (~> 0.2.1)
    mocha (0.10.5)
      metaclass (~> 0.0.1)
    multi_json (1.1.0)
    pry (0.9.8.4)
      coderay (~> 1.0.5)
      method_source (~> 0.7.1)
      slop (>= 2.4.4, < 3)
    rack (1.4.1)
    rack-oauth2 (0.14.4)
      activesupport (>= 2.3)
      attr_required (>= 0.0.5)
      httpclient (>= 2.2.0.2)
      i18n
      json (>= 1.4.3)
      rack (>= 1.1)
    rack-protection (1.2.0)
      rack
    rack-test (0.6.1)
      rack (>= 1.0)
    rake (0.9.2.2)
    sass (3.1.15)
    simplecov (0.6.1)
      multi_json (~> 1.0)
      simplecov-html (~> 0.5.3)
    simplecov-html (0.5.3)
    sinatra (1.3.2)
      rack (~> 1.3, >= 1.3.6)
      rack-protection (~> 1.2)
      tilt (~> 1.3, >= 1.3.3)
    slop (2.4.4)
    subexec (0.2.1)
    tilt (1.3.3)
    tzinfo (0.3.32)
    xml-simple (1.1.1)

PLATFORMS
  ruby

DEPENDENCIES
  fb_graph (~> 2.4.7)
  flickraw (~> 0.9.5)
  haml (~> 3.1.3)
  localize
  mini_magick (~> 3.4)
  mocha
  pry
  rack-test (~> 0.6.1)
  rake (~> 0.9.2)
  sass (~> 3.1.8)
  simplecov
  sinatra (~> 1.3.0)
  xml-simple
